PATH
  remote: .
  specs:
    iso_1996 (2.0.0)

GEM
  remote: https://rubygems.org/
  specs:
    cgi (0.5.0)
    date (3.4.1)
    diff-lcs (1.6.2)
    erb (4.0.4)
      cgi (>= 0.3.3)
    psych (5.2.6)
      date
      stringio
    rake (13.3.0)
    rdoc (6.14.2)
      erb
      psych (>= 4.0.0)
    rspec (3.13.1)
      rspec-core (~> 3.13.0)
      rspec-expectations (~> 3.13.0)
      rspec-mocks (~> 3.13.0)
    rspec-core (3.13.5)
      rspec-support (~> 3.13.0)
    rspec-expectations (3.13.5)
      diff-lcs (>= 1.2.0, < 2.0)
      rspec-support (~> 3.13.0)
    rspec-mocks (3.13.5)
      diff-lcs (>= 1.2.0, < 2.0)
      rspec-support (~> 3.13.0)
    rspec-support (3.13.4)
    stringio (3.1.7)

PLATFORMS
  arm64-darwin-23
  ruby

DEPENDENCIES
  iso_1996!
  rake (~> 13.0)
  rdoc (~> 6.5)
  rspec (~> 3.0)

BUNDLED WITH
   2.5.23
