PATH
  remote: .
  specs:
    iso_1996 (2.0.2)

GEM
  remote: https://rubygems.org/
  specs:
    diff-lcs (1.6.2)
    kramdown (2.5.1)
      rexml (>= 3.3.9)
    kramdown-parser-gfm (1.1.0)
      kramdown (~> 2.0)
    rake (13.3.0)
    redcarpet (3.6.1)
    rexml (3.4.1)
    rspec (3.13.1)
      rspec-core (~> 3.13.0)
      rspec-expectations (~> 3.13.0)
      rspec-mocks (~> 3.13.0)
    rspec-core (3.13.5)
      rspec-support (~> 3.13.0)
    rspec-expectations (3.13.5)
      diff-lcs (>= 1.2.0, < 2.0)
      rspec-support (~> 3.13.0)
    rspec-mocks (3.13.5)
      diff-lcs (>= 1.2.0, < 2.0)
      rspec-support (~> 3.13.0)
    rspec-support (3.13.4)
    yard (0.9.37)

PLATFORMS
  arm64-darwin-23
  ruby

DEPENDENCIES
  iso_1996!
  kramdown (~> 2.4)
  kramdown-parser-gfm (~> 1.1)
  rake (~> 13.0)
  redcarpet (~> 3.5)
  rspec (~> 3.0)
  yard (~> 0.9.28)

BUNDLED WITH
   2.5.23
